PATH
  remote: gems/hancock
  specs:
    hancock (0.1.0)
      dm-aggregates (~> 0.10.2)
      dm-core (~> 0.10.2)
      dm-migrations (~> 0.10.2)
      dm-timestamps (~> 0.10.2)
      dm-types (~> 0.10.2)
      dm-validations (~> 0.10.2)
      do_sqlite3 (~> 0.10.1)
      extlib (~> 0.9.14)
      guid (~> 0.1.1)
      haml (~> 3.0.0)
      json
      rack-contrib (~> 0.9.2)
      ruby-openid (~> 2.1.7)
      sinatra (~> 1.1.0)

GEM
  remote: http://rubygems.org/
  specs:
    addressable (2.2.5)
    bcrypt-ruby (2.1.4)
    data_objects (0.10.3)
      addressable (~> 2.1)
    dm-aggregates (0.10.2)
      dm-core (~> 0.10.2)
    dm-core (0.10.2)
      addressable (~> 2.1)
      extlib (~> 0.9.14)
    dm-migrations (0.10.2)
      dm-core (~> 0.10.2)
    dm-timestamps (0.10.2)
      dm-core (~> 0.10.2)
    dm-types (0.10.2)
      bcrypt-ruby (~> 2.1.2)
      dm-core (~> 0.10.2)
      fastercsv (~> 1.5.0)
      json_pure (~> 1.2.0)
      stringex (~> 1.1.0)
      uuidtools (~> 2.1.1)
    dm-validations (0.10.2)
      dm-core (~> 0.10.2)
    do_sqlite3 (0.10.3)
      data_objects (= 0.10.3)
    extlib (0.9.15)
    fastercsv (1.5.4)
    guid (0.1.1)
    haml (3.0.25)
    json (1.5.1)
    json_pure (1.2.4)
    rack (1.2.2)
    rack-contrib (0.9.2)
      rack (>= 0.9.1)
      test-spec (~> 0.9.0)
    ruby-openid (2.1.8)
    sinatra (1.1.3)
      rack (~> 1.1)
      tilt (>= 1.2.2, < 2.0)
    stringex (1.1.0)
    test-spec (0.9.0)
    tilt (1.2.2)
    uuidtools (2.1.2)

PLATFORMS
  ruby

DEPENDENCIES
  hancock!
